GEM
  remote: http://rubygems.org/
  specs:
    chunky_png (1.3.7)
    compass (0.11.7)
      chunky_png (~> 1.2)
      fssm (>= 0.2.7)
      sass (~> 3.1)
    cuba (2.0.1)
      rack
      tilt
    fssm (0.2.10)
    haml (3.1.8)
    hashie (1.0.0)
    proton (0.3.6)
      compass (~> 0.11.1)
      cuba (~> 2.0.0)
      haml (~> 3.1.1)
      hashie (~> 1.0.0)
      sass (~> 3.1.1)
      shake (~> 0.1)
      tilt (~> 1.3.2)
    rack (2.0.1)
    rack-cache (1.0.3)
      rack (>= 0.4)
    sass (3.1.21)
    shake (0.1.3)
    tilt (1.3.7)

PLATFORMS
  ruby

DEPENDENCIES
  proton
  rack-cache (~> 1.0.0)

BUNDLED WITH
   1.13.6
